PATH
  remote: .
  specs:
    backup2qiniu (0.1.1)
      backup (~> 3.0)
      qiniu-rs (>= 2.0, < 4)

GEM
  remote: https://rubygems.org/
  specs:
    backup (3.0.25)
      open4 (~> 1.3.0)
      thor (~> 0.15.4)
    json (1.7.5)
    mime-types (1.19)
    open4 (1.3.0)
    qiniu-rs (3.0.4)
      json (~> 1.7.5)
      mime-types (~> 1.19)
      rest-client (~> 1.6.7)
      ruby-hmac (~> 0.4.0)
    rest-client (1.6.7)
      mime-types (>= 1.16)
    ruby-hmac (0.4.0)
    thor (0.15.4)

PLATFORMS
  ruby

DEPENDENCIES
  backup2qiniu!
