PATH
  remote: .
  specs:
    backup2qiniu (0.1.0)
      backup (~> 3.0)
      qiniu-rs (~> 2.0)

GEM
  remote: https://rubygems.org/
  specs:
    backup (3.0.24)
      open4 (~> 1.3.0)
      thor (~> 0.14.6)
    json (1.7.3)
    mime-types (1.19)
    open4 (1.3.0)
    qiniu-rs (2.0.5)
      json (~> 1.7.3)
      mime-types (~> 1.19)
      rest-client (~> 1.6.7)
      ruby-hmac (~> 0.4.0)
    rest-client (1.6.7)
      mime-types (>= 1.16)
    ruby-hmac (0.4.0)
    thor (0.14.6)

PLATFORMS
  ruby

DEPENDENCIES
  backup2qiniu!
